GEM
  remote: https://rubygems.org/
  specs:
    rack (1.6.1)
    rake (12.3.3)
    sprockets (3.1.0)
      rack (~> 1.0)

PLATFORMS
  ruby

DEPENDENCIES
  rake
  sprockets

BUNDLED WITH
   1.11.2
